GEM
  remote: https://rubygems.org/
  specs:
    addressable (2.3.8)
    json (1.8.1)
    json-schema (2.5.1)
      addressable (~> 2.3.7)
    trollop (2.1.2)

PLATFORMS
  ruby

DEPENDENCIES
  json
  json-schema (~> 2.5.1)
  trollop (~> 2.1.2)
